NUGET
  remote: https://www.nuget.org/api/v2
    Argu (3.2)
    Expecto (2.2)
      Argu (>= 3.2)
      FSharp.Core (>= 3.1.2.5)
    Expecto.FsCheck (2.2)
      Expecto (>= 2.2)
      FsCheck (>= 2.6.2)
      FSharp.Core (>= 3.1.2.5)
    Expecto.PerfUtil (1.0.12)
      Expecto (>= 1.0.12)
      FSharp.Core (>= 3.1.2.5)
      PerfUtil (>= 0.1.8)
    FAKE (4.47.1)
    FsCheck (2.6.2)
      FSharp.Core (>= 3.1.2.5)
    FSharp.Configuration (0.6.4)
    FSharp.Core (4.0.0.1)
    MySql.Data (6.9.9)
    PerfUtil (0.1.8)
    SQLProvider (1.0.40)
